GIT
  remote: git://github.com/wangsy/ucloud-storage.git
  revision: cb7f5b88f20c649db7ed52695803afe74d9c1d01
  specs:
    ucloud_storage (0.0.11)
      httparty

GEM
  remote: https://rubygems.org/
  specs:
    Ascii85 (1.0.2)
    actionmailer (3.2.14)
      actionpack (= 3.2.14)
      mail (~> 2.5.4)
    actionpack (3.2.14)
      activemodel (= 3.2.14)
      activesupport (= 3.2.14)
      builder (~> 3.0.0)
      erubis (~> 2.7.0)
      journey (~> 1.0.4)
      rack (~> 1.4.5)
      rack-cache (~> 1.2)
      rack-test (~> 0.6.1)
      sprockets (~> 2.2.1)
    activemodel (3.2.14)
      activesupport (= 3.2.14)
      builder (~> 3.0.0)
    activerecord (3.2.14)
      activemodel (= 3.2.14)
      activesupport (= 3.2.14)
      arel (~> 3.0.2)
      tzinfo (~> 0.3.29)
    activeresource (3.2.14)
      activemodel (= 3.2.14)
      activesupport (= 3.2.14)
    activesupport (3.2.14)
      i18n (~> 0.6, >= 0.6.4)
      multi_json (~> 1.0)
    afm (0.2.0)
    arel (3.0.2)
    better_errors (0.9.0)
      coderay (>= 1.0.0)
      erubis (>= 2.6.6)
    binding_of_caller (0.7.2)
      debug_inspector (>= 0.0.1)
    bootstrap-sass (2.2.2.0)
      sass (~> 3.2)
    bootstrap-will_paginate (0.0.9)
      will_paginate
    builder (3.0.4)
    by_star (1.0.1)
      activerecord (>= 2.0.0)
      chronic
    callsite (0.0.11)
    capistrano (2.14.1)
      highline
      net-scp (>= 1.0.0)
      net-sftp (>= 2.0.0)
      net-ssh (>= 2.0.14)
      net-ssh-gateway (>= 1.1.0)
    capistrano-unicorn (0.1.6)
      capistrano
    capybara (1.1.4)
      mime-types (>= 1.16)
      nokogiri (>= 1.3.3)
      rack (>= 1.0.0)
      rack-test (>= 0.5.4)
      selenium-webdriver (~> 2.0, >= 2.33.0)
      xpath (~> 0.1.4)
    childprocess (0.3.9)
      ffi (~> 1.0, >= 1.0.11)
    choice (0.1.6)
    chronic (0.9.0)
    coderay (1.0.9)
    coffee-rails (3.2.2)
      coffee-script (>= 2.2.0)
      railties (~> 3.2.0)
    coffee-script (2.2.0)
      coffee-script-source
      execjs
    coffee-script-source (1.4.0)
    database_cleaner (1.0.1)
    debug_inspector (0.0.2)
    decent_exposure (2.0.1)
    diff-lcs (1.2.2)
    dotenv (0.9.0)
    dotenv-rails (0.9.0)
      dotenv (= 0.9.0)
    dynamic_form (1.1.4)
    erubis (2.7.0)
    execjs (1.4.0)
      multi_json (~> 1.0)
    factory_girl (4.2.0)
      activesupport (>= 3.0.0)
    factory_girl_rails (4.2.1)
      factory_girl (~> 4.2.0)
      railties (>= 3.0.0)
    faraday (0.8.4)
      multipart-post (~> 1.1)
    ffi (1.9.0)
    google-spreadsheet-ruby (0.3.0)
      google_drive (>= 0.3.0)
    google_apps (0.5)
      libxml-ruby (>= 2.2.2)
    google_drive (0.3.2)
      nokogiri (>= 1.4.4, != 1.5.2, != 1.5.1)
      oauth (>= 0.3.6)
      oauth2 (>= 0.5.0)
    growl (1.0.3)
    hashery (2.1.0)
    hashie (1.2.0)
    highline (1.6.15)
    hike (1.2.3)
    httparty (0.11.0)
      multi_json (~> 1.0)
      multi_xml (>= 0.5.2)
    httpauth (0.2.0)
    i18n (0.6.5)
    insensitive_hash (0.3.0)
    journey (1.0.4)
    jquery-rails (2.1.4)
      railties (>= 3.0, < 5.0)
      thor (>= 0.14, < 2.0)
    json (1.8.0)
    jwt (0.1.5)
      multi_json (>= 1.0)
    kgio (2.7.4)
    libv8 (3.11.8.13)
    libxml-ruby (2.4.0)
    log4r (1.1.10)
    mail (2.5.4)
      mime-types (~> 1.16)
      treetop (~> 1.4.8)
    meta_request (0.2.8)
      callsite
      rack-contrib
      railties
    mime-types (1.25)
    multi_json (1.8.0)
    multi_xml (0.5.5)
    multipart-post (1.1.5)
    mysql2 (0.3.11)
    net-scp (1.0.4)
      net-ssh (>= 1.99.1)
    net-sftp (2.0.5)
      net-ssh (>= 2.0.9)
    net-ssh (2.5.2)
    net-ssh-gateway (1.1.0)
      net-ssh (>= 1.99.1)
    nokogiri (1.5.6)
    oauth (0.4.7)
    oauth2 (0.8.0)
      faraday (~> 0.8)
      httpauth (~> 0.1)
      jwt (~> 0.1.4)
      multi_json (~> 1.0)
      rack (~> 1.2)
    omniauth (1.1.1)
      hashie (~> 1.2)
      rack
    omniauth-daum (0.0.2)
      omniauth-oauth (~> 1.0)
    omniauth-nate (0.1.0)
      insensitive_hash (>= 0.1.0)
      multi_json
      omniauth-oauth (~> 1.0)
    omniauth-oauth (1.0.1)
      oauth
      omniauth (~> 1.0)
    omniauth-openid (1.0.1)
      omniauth (~> 1.0)
      rack-openid (~> 1.3.1)
    pdf-reader (1.3.0)
      Ascii85 (~> 1.0.0)
      afm (~> 0.2.0)
      hashery (~> 2.0)
      ruby-rc4
      ttfunk
    polyglot (0.3.3)
    pony (1.4)
      mail (> 2.0)
    pow-client (0.1.2)
    prawn (0.12.0)
      pdf-reader (>= 0.9.0)
      ttfunk (~> 1.0.2)
    rack (1.4.5)
    rack-cache (1.2)
      rack (>= 0.4)
    rack-contrib (1.1.0)
      rack (>= 0.9.1)
    rack-openid (1.3.1)
      rack (>= 1.1.0)
      ruby-openid (>= 2.1.8)
    rack-ssl (1.3.3)
      rack
    rack-test (0.6.2)
      rack (>= 1.0)
    rails (3.2.14)
      actionmailer (= 3.2.14)
      actionpack (= 3.2.14)
      activerecord (= 3.2.14)
      activeresource (= 3.2.14)
      activesupport (= 3.2.14)
      bundler (~> 1.0)
      railties (= 3.2.14)
    railties (3.2.14)
      actionpack (= 3.2.14)
      activesupport (= 3.2.14)
      rack-ssl (~> 1.3.2)
      rake (>= 0.8.7)
      rdoc (~> 3.4)
      thor (>= 0.14.6, < 2.0)
    raindrops (0.10.0)
    rake (10.1.0)
    rdoc (3.12.2)
      json (~> 1.4)
    ref (1.0.2)
    rmagick (2.13.1)
    roo (1.10.1)
      choice (>= 0.1.4)
      google-spreadsheet-ruby (>= 0.1.5)
      nokogiri (>= 1.5.0)
      rubyzip (>= 0.9.4)
      spreadsheet (> 0.6.4)
      todonotes (>= 0.1.0)
    rspec-core (2.13.1)
    rspec-expectations (2.13.0)
      diff-lcs (>= 1.1.3, < 2.0)
    rspec-mocks (2.13.1)
    rspec-rails (2.13.0)
      actionpack (>= 3.0)
      activesupport (>= 3.0)
      railties (>= 3.0)
      rspec-core (~> 2.13.0)
      rspec-expectations (~> 2.13.0)
      rspec-mocks (~> 2.13.0)
    ruby-ole (1.2.11.6)
    ruby-openid (2.2.2)
    ruby-rc4 (0.1.5)
    rubyzip (0.9.9)
    rvm-capistrano (1.2.7)
      capistrano (>= 2.0.0)
    sass (3.2.5)
    sass-rails (3.2.6)
      railties (~> 3.2.0)
      sass (>= 3.1.10)
      tilt (~> 1.3)
    selenium-webdriver (2.33.0)
      childprocess (>= 0.2.5)
      multi_json (~> 1.0)
      rubyzip
      websocket (~> 1.0.4)
    simple_calendar (0.1.2)
      rails (>= 3.0)
    slim (1.3.6)
      temple (~> 0.5.5)
      tilt (~> 1.3.3)
    slim-rails (1.1.1)
      actionpack (>= 3.0, < 4.1)
      activesupport (>= 3.0, < 4.1)
      railties (>= 3.0, < 4.1)
      slim (~> 1.3)
    spreadsheet (0.7.6)
      ruby-ole (>= 1.0)
    sprockets (2.2.2)
      hike (~> 1.2)
      multi_json (~> 1.0)
      rack (~> 1.0)
      tilt (~> 1.1, != 1.3.0)
    sqlite3 (1.3.7)
    temple (0.5.5)
    test-unit (2.5.3)
    therubyracer (0.11.3)
      libv8 (~> 3.11.8.12)
      ref
    thor (0.18.1)
    tilt (1.3.7)
    todonotes (0.1.1)
      log4r
    treetop (1.4.15)
      polyglot
      polyglot (>= 0.3.1)
    ttfunk (1.0.3)
    tzinfo (0.3.37)
    uglifier (1.3.0)
      execjs (>= 0.3.0)
      multi_json (~> 1.0, >= 1.0.2)
    unicorn (4.5.0)
      kgio (~> 2.6)
      rack
      raindrops (~> 0.7)
    websocket (1.0.7)
    will_paginate (3.0.4)
    xpath (0.1.4)
      nokogiri (~> 1.3)

PLATFORMS
  ruby

DEPENDENCIES
  better_errors
  binding_of_caller
  bootstrap-sass
  bootstrap-will_paginate
  by_star
  capistrano
  capistrano-unicorn
  capybara (~> 1.1.2)
  coffee-rails (~> 3.2.1)
  database_cleaner (~> 1.0.0)
  decent_exposure
  dotenv-rails
  dynamic_form
  factory_girl_rails
  google_apps
  growl
  jquery-rails
  libv8 (~> 3.11.8)
  meta_request
  mysql2
  net-ssh (= 2.5.2)
  omniauth
  omniauth-daum
  omniauth-nate
  omniauth-openid
  pony
  pow-client
  prawn
  rails
  rmagick
  roo
  rspec-rails
  rvm-capistrano
  sass-rails (~> 3.2.3)
  simple_calendar
  slim
  slim-rails
  sqlite3
  test-unit
  therubyracer
  ucloud_storage!
  uglifier (>= 1.0.3)
  unicorn
  will_paginate (~> 3.0)
